GEM
  remote: https://rubygems.org/
  specs:
    encrypted_cookie (0.0.4)
    json (2.0.2)
    pg (0.20.0)
    pg (0.20.0-x86-mingw32)
    puma (3.8.2)
    rack (1.6.5)
    rack-protection (1.5.3)
      rack
    sinatra (1.4.8)
      rack (~> 1.5)
      rack-protection (~> 1.4)
      tilt (>= 1.3, < 3)
    tilt (2.0.7)

PLATFORMS
  ruby
  x86-mingw32

DEPENDENCIES
  encrypted_cookie
  json
  pg
  puma
  rack
  sinatra

RUBY VERSION
   ruby 2.2.5p319

BUNDLED WITH
   1.14.6
